GEM
  remote: https://rubygems.org/
  specs:
    byebug (11.1.3)
    csv (3.2.1)
    date (3.2.0)
    httparty (0.20.0)
      mime-types (~> 3.0)
      multi_xml (>= 0.5.2)
    mime-types (3.3.1)
      mime-types-data (~> 3.2015)
    mime-types-data (3.2021.0901)
    multi_xml (0.6.0)
    nokogiri (1.12.5-arm64-darwin)
      racc (~> 1.4)
    open-uri (0.2.0)
      stringio
      time
      uri
    racc (1.6.0)
    stringio (3.0.1)
    time (0.2.0)
      date
    uri (0.11.0)

PLATFORMS
  arm64-darwin-20

DEPENDENCIES
  byebug
  csv
  httparty
  nokogiri
  open-uri

BUNDLED WITH
   2.2.29
